GEM
  remote: http://rubygems.org/
  specs:
    activemodel (3.2.13)
      activesupport (= 3.2.13)
      builder (~> 3.0.0)
    activesupport (3.2.13)
      i18n (= 0.6.1)
      multi_json (~> 1.0)
    addressable (2.3.3)
    builder (3.0.4)
    curb (0.8.3)
    dotenv (0.5.0)
    i18n (0.6.1)
    json (1.7.7)
    leftronicapi (1.2.0)
      curb
      json
      rake
    mime-types (1.21)
    multi_json (1.7.1)
    oauth (0.4.7)
    rake (10.0.3)
    rest-client (1.6.7)
      mime-types (>= 1.16)
    ruby-trello (0.6.0)
      activemodel
      addressable (~> 2.3)
      json
      oauth (~> 0.4.5)
      rest-client (~> 1.6.7)

PLATFORMS
  ruby

DEPENDENCIES
  dotenv
  leftronicapi
  ruby-trello
